GEM
  remote: https://rubygems.org/
  specs:
    addressable (2.8.1)
      public_suffix (>= 2.0.2, < 6.0)
    bulma-clean-theme (0.13.1)
      jekyll (>= 3.9, < 5.0)
      jekyll-feed (~> 0.15)
      jekyll-paginate (~> 1.1)
      jekyll-seo-tag (~> 2.7)
      jekyll-sitemap (~> 1.4)
      kramdown-parser-gfm (~> 1.1)
    jekyll-paginate (1.1.0)
    jekyll-sitemap (1.4.0)
      jekyll (>= 3.7, < 5.0)
    pathutil (0.16.2)
      forwardable-extended (~> 2.6)
    public_suffix (5.0.0)
    rb-fsevent (0.11.2)
    rb-inotify (0.10.1)
      ffi (~> 1.0)
    rexml (3.2.5)
    rouge (4.0.0)
    safe_yaml (1.0.5)
    sassc (2.4.0)
      ffi (~> 1.9)
    terminal-table (3.0.2)
      unicode-display_width (>= 1.1.1, < 3)
    unicode-display_width (2.3.0)
    webrick (1.7.0)

PLATFORMS
  arm64-darwin-22

DEPENDENCIES
  bulma-clean-theme
  http_parser.rb (~> 0.6.0)
  jekyll (~> 4.3.1)
  jekyll-feed (~> 0.12)
  tzinfo (>= 1, < 3)
  tzinfo-data
  wdm (~> 0.1.1)

BUNDLED WITH
   2.3.24
